PATH
  remote: .
  specs:
    wawka (0.2.0)
      activesupport (~> 5.2)
      dry-transaction (~> 0.13)
      httparty (~> 0.16.2)
      simple-spreadsheet (~> 0.5.0)
      spreadsheet (~> 1.1)
      thor (~> 0.20.0)

GEM
  remote: https://rubygems.org/
  specs:
    activesupport (5.2.0)
      concurrent-ruby (~> 1.0, >= 1.0.2)
      i18n (>= 0.7, < 2)
      minitest (~> 5.1)
      tzinfo (~> 1.1)
    coderay (1.1.2)
    concurrent-ruby (1.0.5)
    diff-lcs (1.3)
    dry-configurable (0.7.0)
      concurrent-ruby (~> 1.0)
    dry-container (0.6.0)
      concurrent-ruby (~> 1.0)
      dry-configurable (~> 0.1, >= 0.1.3)
    dry-core (0.4.7)
      concurrent-ruby (~> 1.0)
    dry-equalizer (0.2.1)
    dry-events (0.1.0)
      concurrent-ruby (~> 1.0)
      dry-core (~> 0.4)
      dry-equalizer (~> 0.2)
    dry-matcher (0.7.0)
    dry-monads (1.0.0)
      concurrent-ruby (~> 1.0)
      dry-core (~> 0.4, >= 0.4.4)
      dry-equalizer
    dry-transaction (0.13.0)
      dry-container (>= 0.2.8)
      dry-events (>= 0.1.0)
      dry-matcher (>= 0.7.0)
      dry-monads (>= 0.4.0)
    httparty (0.16.2)
      multi_xml (>= 0.5.2)
    i18n (1.0.1)
      concurrent-ruby (~> 1.0)
    method_source (0.9.0)
    mini_portile2 (2.3.0)
    minitest (5.11.3)
    multi_xml (0.6.0)
    nokogiri (1.8.4)
      mini_portile2 (~> 2.3.0)
    pry (0.11.3)
      coderay (~> 1.1.0)
      method_source (~> 0.9.0)
    rake (10.5.0)
    roo (2.7.1)
      nokogiri (~> 1)
      rubyzip (~> 1.1, < 2.0.0)
    roo-xls (1.2.0)
      nokogiri
      roo (>= 2.0.0, < 3)
      spreadsheet (> 0.9.0)
    rspec (3.7.0)
      rspec-core (~> 3.7.0)
      rspec-expectations (~> 3.7.0)
      rspec-mocks (~> 3.7.0)
    rspec-core (3.7.1)
      rspec-support (~> 3.7.0)
    rspec-expectations (3.7.0)
      diff-lcs (>= 1.2.0, < 2.0)
      rspec-support (~> 3.7.0)
    rspec-mocks (3.7.0)
      diff-lcs (>= 1.2.0, < 2.0)
      rspec-support (~> 3.7.0)
    rspec-support (3.7.1)
    ruby-ole (1.2.12.1)
    rubyzip (1.2.1)
    simple-spreadsheet (0.5.0)
      roo (~> 2.4)
      roo-xls (~> 1.0)
    spreadsheet (1.1.7)
      ruby-ole (>= 1.0)
    thor (0.20.0)
    thread_safe (0.3.6)
    tzinfo (1.2.5)
      thread_safe (~> 0.1)

PLATFORMS
  ruby

DEPENDENCIES
  bundler (~> 1.16)
  pry
  rake (~> 10.0)
  rspec (~> 3.0)
  wawka!

BUNDLED WITH
   1.16.2
